GEM
  remote: http://rubygems.org/
  specs:
    dalli (1.1.2)
    json (1.6.1)
    kindai (1.7.0)
      json (>= 1.4)
      nokogiri
      rmagick
      zipruby
    nokogiri (1.5.0)
    rack (1.3.5)
    rack-protection (1.1.4)
      rack
    rmagick (2.13.1)
    sinatra (1.3.1)
      rack (~> 1.3, >= 1.3.4)
      rack-protection (~> 1.1, >= 1.1.2)
      tilt (~> 1.3, >= 1.3.3)
    tilt (1.3.3)
    zipruby (0.3.6)

PLATFORMS
  ruby

DEPENDENCIES
  dalli
  kindai
  sinatra
